PATH
  remote: .
  specs:
    puffing-billy (0.0.1)
      eventmachine

GEM
  remote: https://rubygems.org/
  specs:
    diff-lcs (1.1.3)
    eventmachine (1.0.0)
    eventmachine_httpserver (0.2.1)
    faraday (0.8.4)
      multipart-post (~> 1.1)
    multipart-post (1.1.5)
    rspec (2.11.0)
      rspec-core (~> 2.11.0)
      rspec-expectations (~> 2.11.0)
      rspec-mocks (~> 2.11.0)
    rspec-core (2.11.1)
    rspec-expectations (2.11.3)
      diff-lcs (~> 1.1.3)
    rspec-mocks (2.11.3)

PLATFORMS
  ruby

DEPENDENCIES
  eventmachine_httpserver
  faraday
  puffing-billy!
  rspec
